GIT
  remote: git://github.com/chriseppstein/compass.git
  revision: a00044cc491ff4701e081a3e7e6723fc8868ef1f
  specs:
    compass (0.12.alpha.0.a00044c)
      chunky_png (~> 1.2)
      fssm (>= 0.2.7)
      sass (~> 3.1)

GEM
  remote: http://rubygems.org/
  specs:
    chunky_png (1.2.5)
    fssm (0.2.7)
    sass (3.1.10)

PLATFORMS
  ruby

DEPENDENCIES
  compass!
